GEM
  remote: https://rubygems.org/
  specs:
    RedCloth (4.2.9)
    albino (1.3.3)
      posix-spawn (>= 0.3.6)
    classifier (1.3.3)
      fast-stemmer (>= 1.0.0)
    colored (1.2)
    configure-s3-website (1.7.1)
      deep_merge (= 1.0.0)
    daemons (1.1.9)
    deep_merge (1.0.0)
    directory_watcher (1.4.1)
    dotenv (1.0.2)
    eventmachine (0.12.10)
    fast-stemmer (1.0.1)
    foreman (0.78.0)
      thor (~> 0.19.1)
    jekyll (0.11.2)
      albino (~> 1.3)
      classifier (~> 1.3)
      directory_watcher (~> 1.1)
      kramdown (~> 0.13)
      liquid (~> 2.3)
      maruku (~> 0.5)
    kramdown (0.13.6)
    liquid (2.3.0)
    maruku (0.6.0)
      syntax (>= 1.0.0)
    posix-spawn (0.3.6)
    rack (1.4.1)
    rack-contrib (1.1.0)
      rack (>= 0.9.1)
    rdiscount (1.6.8)
    s3_website (2.8.4)
      colored (= 1.2)
      configure-s3-website (= 1.7.1)
      dotenv (~> 1.0)
      thor (~> 0.18)
    syntax (1.0.0)
    thin (1.4.1)
      daemons (>= 1.0.9)
      eventmachine (>= 0.12.6)
      rack (>= 1.0.0)
    thor (0.19.1)

PLATFORMS
  ruby

DEPENDENCIES
  RedCloth
  foreman
  jekyll
  rack-contrib
  rdiscount
  s3_website
  thin
